GEM
  remote: http://rubygems.org/
  specs:
    atk (1.1.4)
      glib2 (>= 1.1.4)
    cairo (1.12.2)
      pkg-config
    datet (0.0.14)
    diff-lcs (1.1.3)
    gdk_pixbuf2 (1.1.4)
      glib2 (>= 1.1.4)
    gettext (2.2.1)
      locale
    git (1.2.5)
    glib2 (1.1.4)
      pkg-config
    gtk2 (1.1.4)
      atk (>= 1.1.4)
      gdk_pixbuf2 (>= 1.1.4)
      pango (>= 1.1.4)
    http2 (0.0.5)
    jeweler (1.8.4)
      bundler (~> 1.0)
      git (>= 1.2.5)
      rake
      rdoc
    json (1.7.4)
    knjrbfw (0.0.78)
      datet
      http2
      php4r
      tsafe
      wref
    locale (2.0.5)
    pango (1.1.4)
      cairo (>= 1.10.0)
      glib2 (>= 1.1.4)
    php4r (0.0.2)
      datet
      http2
    pkg-config (1.1.4)
    rake (0.9.2.2)
    rdoc (3.12)
      json (~> 1.4)
    rmagick (2.13.1)
    rspec (2.8.0)
      rspec-core (~> 2.8.0)
      rspec-expectations (~> 2.8.0)
      rspec-mocks (~> 2.8.0)
    rspec-core (2.8.0)
    rspec-expectations (2.8.0)
      diff-lcs (~> 1.1.2)
    rspec-mocks (2.8.0)
    sqlite3 (1.3.6)
    tsafe (0.0.11)
    wref (0.0.5)

PLATFORMS
  ruby

DEPENDENCIES
  bundler (>= 1.0.0)
  datet
  gettext
  gtk2
  http2
  jeweler (~> 1.8.3)
  json
  knjrbfw
  rdoc (~> 3.12)
  rmagick
  rspec (~> 2.8.0)
  sqlite3
