GEM
  remote: http://rubygems.org/
  specs:
    atk (1.1.3)
      glib2 (>= 1.1.3)
    cairo (1.12.1)
      pkg-config
    diff-lcs (1.1.3)
    gdk_pixbuf2 (1.1.3)
      glib2 (>= 1.1.3)
    git (1.2.5)
    glib2 (1.1.3)
      pkg-config
    gtk2 (1.1.3)
      atk (>= 1.1.3)
      gdk_pixbuf2 (>= 1.1.3)
      pango (>= 1.1.3)
    jeweler (1.8.3)
      bundler (~> 1.0)
      git (>= 1.2.5)
      rake
      rdoc
    json (1.7.1)
    knjrbfw (0.0.32)
    pango (1.1.3)
      cairo (>= 1.10.0)
      glib2 (>= 1.1.3)
    pkg-config (1.1.3)
    rake (0.9.2.2)
    rcov (0.9.11)
    rdoc (3.12)
      json (~> 1.4)
    rspec (2.8.0)
      rspec-core (~> 2.8.0)
      rspec-expectations (~> 2.8.0)
      rspec-mocks (~> 2.8.0)
    rspec-core (2.8.0)
    rspec-expectations (2.8.0)
      diff-lcs (~> 1.1.2)
    rspec-mocks (2.8.0)

PLATFORMS
  ruby

DEPENDENCIES
  bundler (>= 1.0.0)
  gtk2
  jeweler (~> 1.8.3)
  knjrbfw
  rcov
  rdoc (~> 3.12)
  rspec (~> 2.8.0)
